GEM
  remote: https://rubygems.org/
  specs:
    clamp (1.3.0)
    git (1.5.0)

PLATFORMS
  ruby

DEPENDENCIES
  clamp
  git

BUNDLED WITH
   2.0.1
